PATH
  remote: .
  specs:
    sync_issues (0.7.0)
      docopt (~> 0.5)
      octokit (~> 4.8)
      safe_yaml (~> 1.0)

GEM
  remote: https://rubygems.org/
  specs:
    addressable (2.5.2)
      public_suffix (>= 2.0.2, < 4.0)
    docopt (0.6.1)
    faraday (0.14.0)
      multipart-post (>= 1.2, < 3)
    metaclass (0.0.4)
    minitest (5.8.4)
    mocha (1.1.0)
      metaclass (~> 0.0.1)
    multipart-post (2.0.0)
    octokit (4.8.0)
      sawyer (~> 0.8.0, >= 0.5.3)
    public_suffix (3.0.2)
    rake (10.5.0)
    safe_yaml (1.0.4)
    sawyer (0.8.1)
      addressable (>= 2.3.5, < 2.6)
      faraday (~> 0.8, < 1.0)

PLATFORMS
  ruby

DEPENDENCIES
  minitest
  mocha
  rake
  sync_issues!

BUNDLED WITH
   1.16.1
