PATH
  remote: .
  specs:
    sync_issues (0.4.0)
      docopt (~> 0.5)
      octokit (~> 4.2)
      safe_yaml (~> 1.0)

GEM
  remote: https://rubygems.org/
  specs:
    addressable (2.3.8)
    docopt (0.5.0)
    faraday (0.9.2)
      multipart-post (>= 1.2, < 3)
    metaclass (0.0.4)
    minitest (5.8.4)
    mocha (1.1.0)
      metaclass (~> 0.0.1)
    multipart-post (2.0.0)
    octokit (4.2.0)
      sawyer (~> 0.6.0, >= 0.5.3)
    rake (10.5.0)
    safe_yaml (1.0.4)
    sawyer (0.6.0)
      addressable (~> 2.3.5)
      faraday (~> 0.8, < 0.10)

PLATFORMS
  ruby

DEPENDENCIES
  minitest
  mocha
  rake
  sync_issues!

BUNDLED WITH
   1.11.2
